GEM
  remote: https://rubygems.org/
  specs:
    power_assert (0.2.3)
    rack (1.6.0)
    rack-test (0.6.3)
      rack (>= 1.0)
    test-unit (3.0.9)
      power_assert

PLATFORMS
  ruby

DEPENDENCIES
  rack
  rack-test
  test-unit
